GEM
  remote: https://rubygems.org/
  specs:
    facter (1.7.5)
    gpgme (2.0.5)
      mini_portile (~> 0.5.0)
    hiera (1.3.3)
      json_pure
    hiera-gpg (1.1.0)
      gpgme (>= 2.0.0)
      hiera (>= 0.2.0)
    highline (1.6.21)
    json (1.8.1)
    json_pure (1.8.1)
    librarian (0.1.2)
      highline
      thor (~> 0.15)
    librarian-puppet (1.0.3)
      json
      librarian (>= 0.1.2)
    mini_portile (0.5.3)
    puppet (3.4.3)
      facter (~> 1.6)
      hiera (~> 1.0)
      rgen (~> 0.6.5)
    puppet-lint (0.3.2)
    puppet-syntax (1.2.0)
      puppet (>= 2.7.0)
      rake
    rake (10.3.2)
    rgen (0.6.6)
    thor (0.19.1)

PLATFORMS
  ruby

DEPENDENCIES
  hiera
  hiera-gpg
  librarian-puppet
  puppet (~> 3.4.0)
  puppet-lint
  puppet-syntax
  rake
